GEM
  remote: http://rubygems.org/
  specs:
    autotest (4.3.2)
    columnize (0.3.1)
    diff-lcs (1.1.2)
    growl-glue (1.0.7)
    linecache (0.43)
    rspec (2.0.0.beta.19)
      rspec-core (= 2.0.0.beta.19)
      rspec-expectations (= 2.0.0.beta.19)
      rspec-mocks (= 2.0.0.beta.19)
    rspec-core (2.0.0.beta.19)
    rspec-expectations (2.0.0.beta.19)
      diff-lcs (>= 1.1.2)
    rspec-mocks (2.0.0.beta.19)
    ruby-debug (0.10.3)
      columnize (>= 0.1)
      ruby-debug-base (~> 0.10.3.0)
    ruby-debug-base (0.10.3)
      linecache (>= 0.3)

PLATFORMS
  ruby

DEPENDENCIES
  autotest
  growl-glue
  rspec (>= 2.0.0.beta.19)
  ruby-debug
